GEM
  remote: http://rubygems.org/
  specs:
    ZenTest (4.5.0)
    activemodel (3.0.6)
      activesupport (= 3.0.6)
      builder (~> 2.1.2)
      i18n (~> 0.5.0)
    activerecord (3.0.6)
      activemodel (= 3.0.6)
      activesupport (= 3.0.6)
      arel (~> 2.0.2)
      tzinfo (~> 0.3.23)
    activesupport (3.0.6)
    arel (2.0.9)
    builder (2.1.2)
    daemons (1.1.3)
    delayed_job (2.1.4)
      activesupport (~> 3.0)
      daemons
    diff-lcs (1.1.2)
    i18n (0.5.0)
    macaddr (1.0.0)
    mysql2 (0.2.7)
    rake (0.8.7)
    rspec (2.5.0)
      rspec-core (~> 2.5.0)
      rspec-expectations (~> 2.5.0)
      rspec-mocks (~> 2.5.0)
    rspec-core (2.5.1)
    rspec-expectations (2.5.0)
      diff-lcs (~> 1.1.2)
    rspec-mocks (2.5.0)
    tzinfo (0.3.26)
    uuid (2.3.2)
      macaddr (~> 1.0)

PLATFORMS
  ruby

DEPENDENCIES
  ZenTest
  activerecord
  activesupport
  bundler
  delayed_job
  diff-lcs
  mysql2
  rake
  rspec
  uuid
